PATH
  remote: .
  specs:
    ffi-ogr (0.1.0.pre)
      faraday (>= 0.8.7)
      ffi (>= 1.6.0)
      multi_json (>= 1.7.2)

GEM
  remote: https://rubygems.org/
  specs:
    diff-lcs (1.2.2)
    faraday (0.8.8)
      multipart-post (~> 1.2.0)
    ffi (1.9.0)
    multi_json (1.8.1)
    multipart-post (1.2.0)
    rake (10.0.4)
    rspec (2.13.0)
      rspec-core (~> 2.13.0)
      rspec-expectations (~> 2.13.0)
      rspec-mocks (~> 2.13.0)
    rspec-core (2.13.1)
    rspec-expectations (2.13.0)
      diff-lcs (>= 1.1.3, < 2.0)
    rspec-mocks (2.13.0)

PLATFORMS
  java
  ruby

DEPENDENCIES
  ffi-ogr!
  rake
  rspec
